GEM
  specs:
    elo_rating (1.0.0)

PLATFORMS
  x86_64-linux

DEPENDENCIES
  elo_rating

BUNDLED WITH
   2.3.4
